PATH
  remote: .
  specs:
    socialcast_shoulda_ext (0.0.1)
      activerecord (~> 3.0.0)
      shoulda

GEM
  remote: http://rubygems.org/
  specs:
    activemodel (3.0.6)
      activesupport (= 3.0.6)
      builder (~> 2.1.2)
      i18n (~> 0.5.0)
    activerecord (3.0.6)
      activemodel (= 3.0.6)
      activesupport (= 3.0.6)
      arel (~> 2.0.2)
      tzinfo (~> 0.3.23)
    activesupport (3.0.6)
    arel (2.0.9)
    builder (2.1.2)
    columnize (0.3.2)
    i18n (0.5.0)
    json (1.5.1)
    linecache (0.43)
    mocha (0.9.12)
    ruby-debug (0.10.4)
      columnize (>= 0.1)
      ruby-debug-base (~> 0.10.4.0)
    ruby-debug-base (0.10.4)
      linecache (>= 0.3)
    shoulda (2.11.3)
    sqlite3-ruby (1.3.2)
    tzinfo (0.3.26)

PLATFORMS
  ruby

DEPENDENCIES
  activerecord (~> 3.0.0)
  bundler
  json
  mocha
  ruby-debug
  socialcast_shoulda_ext!
  sqlite3-ruby (~> 1.3.2)
